PATH
  remote: .
  specs:
    web_fetch (0.2.0)
      activesupport (~> 4.0)
      childprocess (~> 0.5)
      em-http-request (~> 1.1)
      em-logger
      eventmachine (~> 1.0)
      eventmachine_httpserver (~> 0.2)
      faraday (~> 0.9)
      hanami-router (~> 0.7)
      hanami-utils (= 0.8.0)
      i18n (~> 0.7)
      rack (~> 1.6)

GEM
  remote: https://rubygems.org/
  specs:
    activesupport (4.2.7.1)
      i18n (~> 0.7)
      json (~> 1.7, >= 1.7.7)
      minitest (~> 5.1)
      thread_safe (~> 0.3, >= 0.3.4)
      tzinfo (~> 1.1)
    addressable (2.3.8)
    byebug (9.0.5)
    childprocess (0.5.9)
      ffi (~> 1.0, >= 1.0.11)
    cookiejar (0.3.3)
    crack (0.4.3)
      safe_yaml (~> 1.0.0)
    diff-lcs (1.2.5)
    em-http-request (1.1.5)
      addressable (>= 2.3.4)
      cookiejar (!= 0.3.1)
      em-socksify (>= 0.3)
      eventmachine (>= 1.0.3)
      http_parser.rb (>= 0.6.0)
    em-logger (0.1.0)
      eventmachine (>= 0.12.10)
    em-socksify (0.3.1)
      eventmachine (>= 1.0.0.beta.4)
    eventmachine (1.2.1)
    eventmachine_httpserver (0.2.1)
    faraday (0.11.0)
      multipart-post (>= 1.2, < 3)
    ffi (1.9.17)
    hanami-router (0.7.0)
      hanami-utils (~> 0.8)
      http_router (~> 0.11)
      rack (~> 1.6)
    hanami-utils (0.8.0)
    hashdiff (0.3.0)
    http_parser.rb (0.6.0)
    http_router (0.11.2)
      rack (>= 1.0.0)
      url_mount (~> 0.2.1)
    i18n (0.7.0)
    json (1.8.3)
    minitest (5.10.1)
    multipart-post (2.0.0)
    rack (1.6.5)
    rspec (3.5.0)
      rspec-core (~> 3.5.0)
      rspec-expectations (~> 3.5.0)
      rspec-mocks (~> 3.5.0)
    rspec-core (3.5.2)
      rspec-support (~> 3.5.0)
    rspec-expectations (3.5.0)
      diff-lcs (>= 1.2.0, < 2.0)
      rspec-support (~> 3.5.0)
    rspec-mocks (3.5.0)
      diff-lcs (>= 1.2.0, < 2.0)
      rspec-support (~> 3.5.0)
    rspec-support (3.5.0)
    safe_yaml (1.0.4)
    thread_safe (0.3.5)
    tzinfo (1.2.2)
      thread_safe (~> 0.1)
    url_mount (0.2.1)
      rack
    webmock (1.24.6)
      addressable (>= 2.3.6)
      crack (>= 0.3.2)
      hashdiff

PLATFORMS
  ruby

DEPENDENCIES
  byebug (~> 9.0)
  rspec (~> 3.5)
  web_fetch!
  webmock (~> 1.24)

BUNDLED WITH
   1.13.6
